STORAGE: NONE
RESTRICTION: || (== net6.0) (== netstandard2.0)
NUGET
  remote: https://api.nuget.org/v3/index.json
    Dapper (2.0.123)
      System.Reflection.Emit.Lightweight (>= 4.7) - restriction: || (&& (== net6.0) (< net5.0)) (== netstandard2.0)
    FSharp.Core (6.0.1) - redirects: force
    System.Reflection.Emit.ILGeneration (4.7) - restriction: || (&& (== net6.0) (< netcoreapp2.0) (< netstandard2.1)) (&& (== net6.0) (< netstandard2.0)) (&& (== net6.0) (< portable-net45+wp8)) (&& (== net6.0) (>= uap10.1)) (== netstandard2.0)
    System.Reflection.Emit.Lightweight (4.7) - restriction: || (&& (== net6.0) (< net5.0)) (== netstandard2.0)
      System.Reflection.Emit.ILGeneration (>= 4.7) - restriction: || (&& (== net6.0) (< netcoreapp2.0) (< netstandard2.1)) (&& (== net6.0) (< netstandard2.0)) (&& (== net6.0) (< portable-net45+wp8)) (&& (== net6.0) (>= uap10.1)) (== netstandard2.0)

GROUP test
STORAGE: NONE
RESTRICTION: || (== net5.0) (== netstandard2.0)
NUGET
  remote: https://www.nuget.org/api/v2
    Microsoft.CodeCoverage (16.9.1) - restriction: || (== net5.0) (&& (== netstandard2.0) (>= net45)) (&& (== netstandard2.0) (>= netcoreapp1.0))
    Microsoft.NET.Test.Sdk (16.9.1)
      Microsoft.CodeCoverage (>= 16.9.1) - restriction: || (== net5.0) (&& (== netstandard2.0) (>= net45)) (&& (== netstandard2.0) (>= netcoreapp1.0))
      Microsoft.TestPlatform.TestHost (>= 16.9.1) - restriction: || (== net5.0) (&& (== netstandard2.0) (>= netcoreapp1.0))
    Microsoft.NETCore.Platforms (5.0.1)
    Microsoft.TestPlatform.ObjectModel (16.9.1) - restriction: || (== net5.0) (&& (== netstandard2.0) (>= netcoreapp1.0))
      NuGet.Frameworks (>= 5.0)
      System.Reflection.Metadata (>= 1.6)
    Microsoft.TestPlatform.TestHost (16.9.1) - restriction: || (== net5.0) (&& (== netstandard2.0) (>= netcoreapp1.0))
      Microsoft.TestPlatform.ObjectModel (>= 16.9.1) - restriction: || (== net5.0) (&& (== netstandard2.0) (>= netcoreapp1.0)) (&& (== netstandard2.0) (>= uap10.0))
      Newtonsoft.Json (>= 9.0.1) - restriction: || (== net5.0) (&& (== netstandard2.0) (>= netcoreapp1.0)) (&& (== netstandard2.0) (>= uap10.0))
    NETStandard.Library (2.0.3)
      Microsoft.NETCore.Platforms (>= 1.1)
    Newtonsoft.Json (12.0.3) - restriction: || (== net5.0) (&& (== netstandard2.0) (>= netcoreapp1.0))
    NuGet.Frameworks (5.9) - restriction: || (== net5.0) (&& (== netstandard2.0) (>= netcoreapp1.0))
    System.Reflection.Metadata (5.0) - restriction: || (== net5.0) (&& (== netstandard2.0) (>= netcoreapp1.0))
    xunit (2.4.1)
      xunit.analyzers (>= 0.10)
      xunit.assert (2.4.1)
      xunit.core (2.4.1)
    xunit.abstractions (2.0.3)
    xunit.analyzers (0.10)
    xunit.assert (2.4.1)
      NETStandard.Library (>= 1.6.1)
    xunit.core (2.4.1)
      xunit.extensibility.core (2.4.1)
      xunit.extensibility.execution (2.4.1)
    xunit.extensibility.core (2.4.1)
      NETStandard.Library (>= 1.6.1)
      xunit.abstractions (>= 2.0.3)
    xunit.extensibility.execution (2.4.1)
      NETStandard.Library (>= 1.6.1)
      xunit.extensibility.core (2.4.1)
    xunit.runner.visualstudio (2.4.3)
